GEM
  specs:
    haml (3.1.7)
    thor (0.16.0)

PLATFORMS
  ruby

DEPENDENCIES
  haml
  thor
